PATH
  remote: .
  specs:
    spook_and_pay (0.2.9.alpha)
      braintree (= 2.25.0)
      rack (>= 1.4.0)
      spreedly (= 2.0.6)

GEM
  remote: https://rubygems.org/
  specs:
    braintree (2.25.0)
      builder (>= 2.0.0)
    builder (3.2.2)
    columnize (0.3.6)
    debugger (1.6.2)
      columnize (>= 0.3.1)
      debugger-linecache (~> 1.2.0)
      debugger-ruby_core_source (~> 1.2.3)
    debugger-linecache (1.2.0)
    debugger-ruby_core_source (1.2.3)
    diff-lcs (1.2.5)
    ffi (1.9.3)
    httparty (0.11.0)
      multi_json (~> 1.0)
      multi_xml (>= 0.5.2)
    listen (1.0.3)
      rb-fsevent (>= 0.9.3)
      rb-inotify (>= 0.9)
      rb-kqueue (>= 0.2)
    mini_portile (0.5.2)
    multi_json (1.8.2)
    multi_xml (0.5.5)
    nokogiri (1.6.0)
      mini_portile (~> 0.5.0)
    rack (1.5.2)
    rack-protection (1.5.1)
      rack
    rb-fsevent (0.9.3)
    rb-inotify (0.9.2)
      ffi (>= 0.5.0)
    rb-kqueue (0.2.0)
      ffi (>= 0.5.0)
    rerun (0.8.2)
      listen (~> 1.0.3)
    rspec (2.14.1)
      rspec-core (~> 2.14.0)
      rspec-expectations (~> 2.14.0)
      rspec-mocks (~> 2.14.0)
    rspec-core (2.14.7)
    rspec-expectations (2.14.4)
      diff-lcs (>= 1.1.3, < 2.0)
    rspec-mocks (2.14.4)
    sinatra (1.4.4)
      rack (~> 1.4)
      rack-protection (~> 1.4)
      tilt (~> 1.3, >= 1.3.4)
    spreedly (2.0.6)
      nokogiri
    tilt (1.4.1)

PLATFORMS
  ruby

DEPENDENCIES
  debugger
  httparty (= 0.11.0)
  rerun
  rspec (= 2.14.1)
  sinatra
  spook_and_pay!
