PATH
  remote: .
  specs:
    spook_and_pay (1.1.3)
      braintree (= 2.92.0)
      rack (~> 2)
      spreedly (= 2.0.24)

GEM
  remote: https://rubygems.org/
  specs:
    braintree (2.92.0)
      builder (>= 2.0.0)
    builder (3.2.3)
    diff-lcs (1.2.5)
    httparty (0.11.0)
      multi_json (~> 1.0)
      multi_xml (>= 0.5.2)
    mini_portile2 (2.4.0)
    multi_json (1.12.1)
    multi_xml (0.5.5)
    nokogiri (1.10.4)
      mini_portile2 (~> 2.4.0)
    rack (2.0.8)
    rake (12.3.2)
    rspec (2.14.1)
      rspec-core (~> 2.14.0)
      rspec-expectations (~> 2.14.0)
      rspec-mocks (~> 2.14.0)
    rspec-core (2.14.8)
    rspec-expectations (2.14.5)
      diff-lcs (>= 1.1.3, < 2.0)
    rspec-mocks (2.14.6)
    spreedly (2.0.24)
      nokogiri

PLATFORMS
  ruby

DEPENDENCIES
  httparty (= 0.11.0)
  rake (~> 12.3)
  rspec (= 2.14.1)
  spook_and_pay!

RUBY VERSION
   ruby 2.4.5p335

BUNDLED WITH
   1.16.6
