PATH
  remote: .
  specs:
    spook_and_pay (1.1.1)
      braintree (= 2.25.0)
      rack (>= 1.4.0)
      spreedly (= 2.0.6)

GEM
  remote: https://rubygems.org/
  specs:
    braintree (2.25.0)
      builder (>= 2.0.0)
    builder (3.2.2)
    diff-lcs (1.2.5)
    httparty (0.11.0)
      multi_json (~> 1.0)
      multi_xml (>= 0.5.2)
    mini_portile2 (2.1.0)
    multi_json (1.12.1)
    multi_xml (0.5.5)
    nokogiri (1.6.8)
      mini_portile2 (~> 2.1.0)
      pkg-config (~> 1.1.7)
    pkg-config (1.1.7)
    rack (2.0.1)
    rspec (2.14.1)
      rspec-core (~> 2.14.0)
      rspec-expectations (~> 2.14.0)
      rspec-mocks (~> 2.14.0)
    rspec-core (2.14.8)
    rspec-expectations (2.14.5)
      diff-lcs (>= 1.1.3, < 2.0)
    rspec-mocks (2.14.6)
    spreedly (2.0.6)
      nokogiri

PLATFORMS
  ruby

DEPENDENCIES
  httparty (= 0.11.0)
  rspec (= 2.14.1)
  spook_and_pay!

RUBY VERSION
   ruby 2.2.5p319

BUNDLED WITH
   1.12.5
